GEM
  remote: https://rubygems.org/
  specs:
    base_app (1.0.5)
    colorize (0.5.8)
    johnson (2.0.0.pre3)
      stackdeck (~> 0.2)
    jslintrb (0.7.0)
      johnson (>= 2.0.0.pre0)
    rack (1.4.1)
    rack-protection (1.2.0)
      rack
    sinatra (1.3.2)
      rack (~> 1.3, >= 1.3.6)
      rack-protection (~> 1.2)
      tilt (~> 1.3, >= 1.3.3)
    stackdeck (0.2.0)
    tilt (1.3.3)

PLATFORMS
  ruby

DEPENDENCIES
  base_app
  colorize
  jslintrb
  sinatra
